GIT
  remote: git://github.com/hyone/my_docker_rake.git
  revision: b2ab2b9d8b1e83ee2261b956591e91a9e0095ff1
  specs:
    my_docker_rake (0.0.10)
      rake

GEM
  remote: https://rubygems.org/
  specs:
    rake (10.1.1)

PLATFORMS
  ruby

DEPENDENCIES
  my_docker_rake!
  rake
